PATH
  remote: .
  specs:
    gymmygem (0.1.0)
      parslet (~> 1.0)

GEM
  remote: https://rubygems.org/
  specs:
    cgi (0.5.0)
    date (3.4.1)
    erb (4.0.4)
      cgi (>= 0.3.3)
    io-console (0.8.1)
    irb (1.15.2)
      pp (>= 0.6.0)
      rdoc (>= 4.0.0)
      reline (>= 0.4.2)
    parslet (1.8.2)
    pp (0.6.2)
      prettyprint
    prettyprint (0.2.0)
    psych (5.2.6)
      date
      stringio
    rake (13.3.0)
    rdoc (6.14.2)
      erb
      psych (>= 4.0.0)
    reline (0.6.2)
      io-console (~> 0.5)
    stringio (3.1.7)

PLATFORMS
  ruby
  x86_64-linux

DEPENDENCIES
  cgi (~> 0.5.0)
  date (~> 3.4.1)
  gymmygem!
  irb
  rake (~> 13.0)

BUNDLED WITH
   2.6.9
